GEM
  remote: https://rubygems.org/
  specs:
    RedCloth (4.2.9-x86-mingw32)
    classifier (1.3.4)
      fast-stemmer (>= 1.0.0)
    directory_watcher (1.5.1)
    fast-stemmer (1.0.2)
    jekyll (0.5.7)
      RedCloth (>= 4.2.1)
      classifier (>= 1.3.1)
      directory_watcher (>= 1.1.1)
      liquid (>= 1.9.0)
      maruku (>= 0.5.9)
      open4 (>= 0.9.6)
    liquid (2.6.1)
    maruku (0.7.2)
    open4 (1.3.4)
    rack (1.0.1)

PLATFORMS
  x86-mingw32

DEPENDENCIES
  jekyll (= 0.5.7)
  rack (= 1.0.1)
