GEM
  remote: https://rubygems.org/
  specs:
    bundle (0.0.1)
      bundler
    ffi (1.9.6-x64-mingw32)
    jekyll-lunr-js-search-plusplus (0.2.7)
      json (~> 1.8)
      nokogiri (~> 1.6)
    json (1.8.2)
    mime-types (2.4.3)
    mini_portile (0.6.2)
    netrc (0.10.2)
    nokogiri (1.6.6.2-x64-mingw32)
      mini_portile (~> 0.6.0)
    rack (1.6.0)
    rack-protection (1.5.3)
      rack
    rest-client (1.7.2-x64-mingw32)
      ffi (~> 1.9)
      mime-types (>= 1.16, < 3.0)
      netrc (~> 0.7)
    sendgrid_ruby (0.0.5)
      rest-client
      smtpapi
    sinatra (1.4.5)
      rack (~> 1.4)
      rack-protection (~> 1.4)
      tilt (~> 1.3, >= 1.3.4)
    smtpapi (0.0.10)
    tilt (1.4.1)

PLATFORMS
  x64-mingw32

DEPENDENCIES
  bundle
  bundler
  jekyll-lunr-js-search-plusplus (~> 0.2.7)
  json
  rack
  sendgrid_ruby
  sinatra
